GIT
  remote: git@github.com:DUNA-E-Commmerce/spree-duna-payment.git
  revision: d3fce7ee8a702f528feb6c2c0914d71de2a302cd
  specs:
    spree-duna-payment (0.0.1.alpha)
      spree_api (>= 3.2.0, < 5.0)
      spree_backend (>= 3.2.0, < 5.0)
      spree_core (>= 3.2.0, < 5.0)
      spree_extension

GIT
  remote: https://github.com/spark-solutions/spree_multi_currency.git
  revision: 2c410f1c5f035c47c4d2fe8e3931e9e84b02671f
  branch: feature/spree-4-1
  specs:
    spree_multi_currency (3.4.0)
      deface (~> 1.0)
      spree_backend (>= 3.7.0, < 5.0)
      spree_extension

GIT
  remote: https://github.com/spree-contrib/spree-product-assembly.git
  revision: 2036f581d40dc742d4ca972fce6d2e393774b455
  specs:
    spree_product_assembly (4.1.0)
      deface (~> 1.0)
      spree_backend (>= 3.1.0, < 5.0)
      spree_extension

GIT
  remote: https://github.com/spree-contrib/spree_multi_vendor.git
  revision: a4d83ca9b371e29105fe9c2e8da2244bf889fff0
  specs:
    spree_multi_vendor (1.5.2)
      deface (~> 1.0)
      spree_backend (>= 3.2.0, < 5.0)
      spree_core (>= 3.2.0, < 5.0)
      spree_extension

GIT
  remote: https://github.com/spree-contrib/spree_related_products.git
  revision: e2a64fbfcde045ba94f541a405f6523a0d03c802
  specs:
    spree_related_products (3.3.0)
      deface (~> 1.0)
      spree_backend (>= 3.1.0, < 5.0)
      spree_core (>= 3.1.0, < 5.0)
      spree_extension

GIT
  remote: https://github.com/spree-contrib/spree_social.git
  revision: 824dadbe9fa81ad8d4287fb0e82161db17615d14
  specs:
    spree_social (3.3.2)
      deface (~> 1.0)
      oa-core
      omniauth
      omniauth-amazon
      omniauth-facebook
      omniauth-github
      omniauth-google-oauth2
      omniauth-twitter
      spree_auth_devise (>= 3.1.0, < 5.0)
      spree_core (>= 3.1.0, < 5.0)
      spree_extension

GIT
  remote: https://github.com/spree-contrib/spree_static_content.git
  revision: a1e066bc612d373d18bc556e3d4229d67781c57b
  specs:
    spree_static_content (4.0.1)
      deface (~> 1.5)
      spree_core (>= 3.1.0, < 5.0)
      spree_extension

PATH
  remote: ../spree_duna_base_theme
  specs:
    spree_duna_base_theme (0.0.1.alpha)
      spree_api (>= 3.2.0, < 5.0)
      spree_backend (>= 3.2.0, < 5.0)
      spree_core (>= 3.2.0, < 5.0)
      spree_extension
      spree_frontend (>= 3.2.0, < 5.0)

PATH
  remote: ../spree_duna_chili_sample
  specs:
    spree_duna_chili_sample (4.1.6)
      spree_core (= 4.1.6)

GEM
  remote: https://rubygems.org/
  specs:
    actioncable (6.0.3.1)
      actionpack (= 6.0.3.1)
      nio4r (~> 2.0)
      websocket-driver (>= 0.6.1)
    actionmailbox (6.0.3.1)
      actionpack (= 6.0.3.1)
      activejob (= 6.0.3.1)
      activerecord (= 6.0.3.1)
      activestorage (= 6.0.3.1)
      activesupport (= 6.0.3.1)
      mail (>= 2.7.1)
    actionmailer (6.0.3.1)
      actionpack (= 6.0.3.1)
      actionview (= 6.0.3.1)
      activejob (= 6.0.3.1)
      mail (~> 2.5, >= 2.5.4)
      rails-dom-testing (~> 2.0)
    actionpack (6.0.3.1)
      actionview (= 6.0.3.1)
      activesupport (= 6.0.3.1)
      rack (~> 2.0, >= 2.0.8)
      rack-test (>= 0.6.3)
      rails-dom-testing (~> 2.0)
      rails-html-sanitizer (~> 1.0, >= 1.2.0)
    actiontext (6.0.3.1)
      actionpack (= 6.0.3.1)
      activerecord (= 6.0.3.1)
      activestorage (= 6.0.3.1)
      activesupport (= 6.0.3.1)
      nokogiri (>= 1.8.5)
    actionview (6.0.3.1)
      activesupport (= 6.0.3.1)
      builder (~> 3.1)
      erubi (~> 1.4)
      rails-dom-testing (~> 2.0)
      rails-html-sanitizer (~> 1.1, >= 1.2.0)
    activejob (6.0.3.1)
      activesupport (= 6.0.3.1)
      globalid (>= 0.3.6)
    activemerchant (1.107.3)
      activesupport (>= 4.2)
      builder (>= 2.1.2, < 4.0.0)
      i18n (>= 0.6.9)
      nokogiri (~> 1.4)
    activemodel (6.0.3.1)
      activesupport (= 6.0.3.1)
    activerecord (6.0.3.1)
      activemodel (= 6.0.3.1)
      activesupport (= 6.0.3.1)
    activestorage (6.0.3.1)
      actionpack (= 6.0.3.1)
      activejob (= 6.0.3.1)
      activerecord (= 6.0.3.1)
      marcel (~> 0.3.1)
    activesupport (6.0.3.1)
      concurrent-ruby (~> 1.0, >= 1.0.2)
      i18n (>= 0.7, < 2)
      minitest (~> 5.1)
      tzinfo (~> 1.1)
      zeitwerk (~> 2.2, >= 2.2.2)
    acts_as_list (0.9.19)
      activerecord (>= 3.0)
    addressable (2.7.0)
      public_suffix (>= 2.0.2, < 5.0)
    autoprefixer-rails (9.7.6)
      execjs
    awesome_nested_set (3.2.0)
      activerecord (>= 4.0.0, < 7.0)
    bcrypt (3.1.13)
    bindex (0.8.1)
    bootsnap (1.4.6)
      msgpack (~> 1.0)
    bootstrap (4.3.1)
      autoprefixer-rails (>= 9.1.0)
      popper_js (>= 1.14.3, < 2)
      sassc-rails (>= 2.0.0)
    builder (3.2.4)
    byebug (11.1.3)
    camertron-eprun (1.1.1)
    cancancan (3.1.0)
    canonical-rails (0.2.8)
      rails (>= 4.1, < 6.1)
    capybara (3.32.2)
      addressable
      mini_mime (>= 0.1.3)
      nokogiri (~> 1.8)
      rack (>= 1.6.0)
      rack-test (>= 0.6.3)
      regexp_parser (~> 1.5)
      xpath (~> 3.2)
    carmen (1.1.3)
      activesupport (>= 3.0.0)
    childprocess (3.0.0)
    cldr-plurals-runtime-rb (1.0.1)
    concurrent-ruby (1.1.6)
    crass (1.0.6)
    css_parser (1.7.1)
      addressable
    deface (1.5.3)
      nokogiri (>= 1.6)
      polyglot
      rails (>= 4.1)
      rainbow (>= 2.1.0)
    devise (4.7.1)
      bcrypt (~> 3.0)
      orm_adapter (~> 0.1)
      railties (>= 4.1.0)
      responders
      warden (~> 1.2.3)
    devise-encryptable (0.2.0)
      devise (>= 2.1.0)
    doorkeeper (5.4.0)
      railties (>= 5)
    erubi (1.9.0)
    execjs (2.7.0)
    faraday (1.0.1)
      multipart-post (>= 1.2, < 3)
    fast_jsonapi (1.5)
      activesupport (>= 4.2)
    ffaker (2.14.0)
    ffi (1.12.2)
    ffi (1.12.2-x64-mingw32)
    figaro (1.2.0)
      thor (>= 0.14.0, < 2)
    friendly_id (5.3.0)
      activerecord (>= 4.0.0)
    geocoder (1.6.3)
    globalid (0.4.2)
      activesupport (>= 4.2.0)
    glyphicons (1.0.2)
    hashie (4.1.0)
    highline (2.0.3)
    htmlentities (4.3.4)
    i18n (1.8.2)
      concurrent-ruby (~> 1.0)
    image_processing (1.11.0)
      mini_magick (>= 4.9.5, < 5)
      ruby-vips (>= 2.0.17, < 3)
    inline_svg (1.7.1)
      activesupport (>= 3.0)
      nokogiri (>= 1.6)
    jbuilder (2.10.0)
      activesupport (>= 5.0.0)
    jquery-rails (4.4.0)
      rails-dom-testing (>= 1, < 3)
      railties (>= 4.2.0)
      thor (>= 0.14, < 2.0)
    jquery-ui-rails (6.0.1)
      railties (>= 3.2.16)
    jwt (2.2.1)
    kaminari (1.1.1)
      activesupport (>= 4.1.0)
      kaminari-actionview (= 1.1.1)
      kaminari-activerecord (= 1.1.1)
      kaminari-core (= 1.1.1)
    kaminari-actionview (1.1.1)
      actionview
      kaminari-core (= 1.1.1)
    kaminari-activerecord (1.1.1)
      activerecord
      kaminari-core (= 1.1.1)
    kaminari-core (1.1.1)
    listen (3.1.5)
      rb-fsevent (~> 0.9, >= 0.9.4)
      rb-inotify (~> 0.9, >= 0.9.7)
      ruby_dep (~> 1.2)
    loofah (2.5.0)
      crass (~> 1.0.2)
      nokogiri (>= 1.5.9)
    mail (2.7.1)
      mini_mime (>= 0.1.1)
    marcel (0.3.3)
      mimemagic (~> 0.3.2)
    method_source (1.0.0)
    mimemagic (0.3.5)
    mini_magick (4.10.1)
    mini_mime (1.0.2)
    mini_portile2 (2.4.0)
    minitest (5.14.1)
    monetize (1.9.4)
      money (~> 6.12)
    money (6.13.7)
      i18n (>= 0.6.4, <= 2)
    msgpack (1.3.3)
    msgpack (1.3.3-x64-mingw32)
    multi_json (1.14.1)
    multi_xml (0.6.0)
    multipart-post (2.1.1)
    nio4r (2.5.2)
    nokogiri (1.10.9)
      mini_portile2 (~> 2.4.0)
    nokogiri (1.10.9-x64-mingw32)
      mini_portile2 (~> 2.4.0)
    oa-core (0.3.2)
    oauth (0.5.4)
    oauth2 (1.4.4)
      faraday (>= 0.8, < 2.0)
      jwt (>= 1.0, < 3.0)
      multi_json (~> 1.3)
      multi_xml (~> 0.5)
      rack (>= 1.2, < 3)
    omniauth (1.9.1)
      hashie (>= 3.4.6)
      rack (>= 1.6.2, < 3)
    omniauth-amazon (1.0.1)
      omniauth (~> 1.0)
      omniauth-oauth2 (~> 1.1)
    omniauth-facebook (6.0.0)
      omniauth-oauth2 (~> 1.2)
    omniauth-github (1.4.0)
      omniauth (~> 1.5)
      omniauth-oauth2 (>= 1.4.0, < 2.0)
    omniauth-google-oauth2 (0.8.0)
      jwt (>= 2.0)
      omniauth (>= 1.1.1)
      omniauth-oauth2 (>= 1.6)
    omniauth-oauth (1.1.0)
      oauth
      omniauth (~> 1.0)
    omniauth-oauth2 (1.6.0)
      oauth2 (~> 1.1)
      omniauth (~> 1.9)
    omniauth-twitter (1.4.0)
      omniauth-oauth (~> 1.1)
      rack
    orm_adapter (0.5.0)
    paranoia (2.4.2)
      activerecord (>= 4.0, < 6.1)
    polyamorous (2.3.2)
      activerecord (>= 5.2.1)
    polyglot (0.3.5)
    popper_js (1.16.0)
    premailer (1.11.1)
      addressable
      css_parser (>= 1.6.0)
      htmlentities (>= 4.0.0)
    premailer-rails (1.11.1)
      actionmailer (>= 3)
      premailer (~> 1.7, >= 1.7.9)
    public_suffix (4.0.5)
    puma (4.3.5)
      nio4r (~> 2.0)
    rabl (0.14.3)
      activesupport (>= 2.3.14)
    rack (2.2.2)
    rack-proxy (0.6.5)
      rack
    rack-test (1.1.0)
      rack (>= 1.0, < 3)
    rails (6.0.3.1)
      actioncable (= 6.0.3.1)
      actionmailbox (= 6.0.3.1)
      actionmailer (= 6.0.3.1)
      actionpack (= 6.0.3.1)
      actiontext (= 6.0.3.1)
      actionview (= 6.0.3.1)
      activejob (= 6.0.3.1)
      activemodel (= 6.0.3.1)
      activerecord (= 6.0.3.1)
      activestorage (= 6.0.3.1)
      activesupport (= 6.0.3.1)
      bundler (>= 1.3.0)
      railties (= 6.0.3.1)
      sprockets-rails (>= 2.0.0)
    rails-dom-testing (2.0.3)
      activesupport (>= 4.2.0)
      nokogiri (>= 1.6)
    rails-html-sanitizer (1.3.0)
      loofah (~> 2.3)
    railties (6.0.3.1)
      actionpack (= 6.0.3.1)
      activesupport (= 6.0.3.1)
      method_source
      rake (>= 0.8.7)
      thor (>= 0.20.3, < 2.0)
    rainbow (3.0.0)
    rake (13.0.1)
    ransack (2.3.2)
      activerecord (>= 5.2.1)
      activesupport (>= 5.2.1)
      i18n
      polyamorous (= 2.3.2)
    rb-fsevent (0.10.4)
    rb-inotify (0.10.1)
      ffi (~> 1.0)
    regexp_parser (1.7.0)
    responders (3.0.0)
      actionpack (>= 5.0)
      railties (>= 5.0)
    ruby-vips (2.0.17)
      ffi (~> 1.9)
    ruby_dep (1.5.0)
    rubyzip (2.3.0)
    sass-rails (6.0.0)
      sassc-rails (~> 2.1, >= 2.1.1)
    sassc (2.3.0)
      ffi (~> 1.9)
    sassc (2.3.0-x64-mingw32)
      ffi (~> 1.9)
    sassc-rails (2.1.2)
      railties (>= 4.0.0)
      sassc (>= 2.0)
      sprockets (> 3.0)
      sprockets-rails
      tilt
    select2-rails (3.5.10)
      thor (~> 0.14)
    selenium-webdriver (3.142.7)
      childprocess (>= 0.5, < 4.0)
      rubyzip (>= 1.2.2)
    spree (4.1.6)
      spree_api (= 4.1.6)
      spree_backend (= 4.1.6)
      spree_cmd (= 4.1.6)
      spree_core (= 4.1.6)
      spree_frontend (= 4.1.6)
      spree_sample (= 4.1.6)
    spree_analytics_trackers (1.1.0)
      deface (~> 1.0)
      spree_backend (>= 3.1.0, < 5.0)
      spree_core (>= 3.1.0, < 5.0)
      spree_extension
    spree_api (4.1.6)
      doorkeeper (~> 5.2, >= 5.2.1)
      fast_jsonapi (~> 1.5)
      rabl (~> 0.14.2)
      spree_core (= 4.1.6)
    spree_auth_devise (4.1.0)
      deface (~> 1.0)
      devise (~> 4.7)
      devise-encryptable (= 0.2.0)
      spree_core (>= 4.1.0.alpha, < 5.0)
      spree_extension
    spree_backend (4.1.6)
      bootstrap (~> 4.3.1)
      glyphicons (~> 1.0.2)
      jquery-rails (~> 4.3)
      jquery-ui-rails (~> 6.0.1)
      select2-rails (~> 3.5.0)
      spree_api (= 4.1.6)
      spree_core (= 4.1.6)
    spree_cmd (4.1.6)
      thor (>= 0.14, < 2.0)
    spree_core (4.1.6)
      activemerchant (~> 1.67)
      acts_as_list (~> 0.8)
      awesome_nested_set (>= 3.1.4, < 3.3.0)
      cancancan (~> 3.0)
      carmen (>= 1.0, < 1.2)
      ffaker (~> 2.9)
      friendly_id (>= 5.2.1, < 5.4.0)
      highline (~> 2.0.0)
      image_processing (~> 1.2)
      kaminari (>= 1.0.1, < 1.2.0)
      mini_magick (>= 4.9.4, < 4.11.0)
      monetize (~> 1.9)
      money (~> 6.13)
      paranoia (~> 2.4.2)
      premailer-rails
      rails (~> 6.0.0)
      ransack (~> 2.3.0)
      responders
      sprockets (~> 3.7)
      sprockets-rails
      state_machines-activemodel (~> 0.7)
      state_machines-activerecord (~> 0.6)
      stringex
      twitter_cldr (>= 4.3, < 7.0)
    spree_extension (0.0.9)
      activerecord (>= 4.2)
      spree_core
    spree_frontend (4.1.6)
      bootstrap (~> 4.3.1)
      canonical-rails (~> 0.2.5)
      glyphicons (~> 1.0.2)
      inline_svg (~> 1.5)
      jquery-rails (~> 4.3)
      spree_api (= 4.1.6)
      spree_core (= 4.1.6)
      turbolinks (~> 5.2.0)
    spree_gateway (3.7.5)
      spree_core (>= 3.1.0, < 5.0)
      spree_extension
    spree_sample (4.1.6)
      spree_core (= 4.1.6)
    spring (2.1.0)
    spring-watcher-listen (2.0.1)
      listen (>= 2.7, < 4.0)
      spring (>= 1.2, < 3.0)
    sprockets (3.7.2)
      concurrent-ruby (~> 1.0)
      rack (> 1, < 3)
    sprockets-rails (3.2.1)
      actionpack (>= 4.0)
      activesupport (>= 4.0)
      sprockets (>= 3.0.0)
    sqlite3 (1.4.2)
    state_machines (0.5.0)
    state_machines-activemodel (0.7.1)
      activemodel (>= 4.1)
      state_machines (>= 0.5.0)
    state_machines-activerecord (0.6.0)
      activerecord (>= 4.1)
      state_machines-activemodel (>= 0.5.0)
    stringex (2.8.5)
    thor (0.20.3)
    thread_safe (0.3.6)
    tilt (2.0.10)
    turbolinks (5.2.1)
      turbolinks-source (~> 5.2)
    turbolinks-source (5.2.0)
    twitter_cldr (6.0.1)
      camertron-eprun
      cldr-plurals-runtime-rb (~> 1.0)
      tzinfo
    tzinfo (1.2.7)
      thread_safe (~> 0.1)
    tzinfo-data (1.2020.1)
      tzinfo (>= 1.0.0)
    warden (1.2.8)
      rack (>= 2.0.6)
    wdm (0.1.1)
    web-console (4.0.2)
      actionview (>= 6.0.0)
      activemodel (>= 6.0.0)
      bindex (>= 0.4.0)
      railties (>= 6.0.0)
    webdrivers (4.3.0)
      nokogiri (~> 1.6)
      rubyzip (>= 1.3.0)
      selenium-webdriver (>= 3.0, < 4.0)
    webpacker (4.2.2)
      activesupport (>= 4.2)
      rack-proxy (>= 0.6.1)
      railties (>= 4.2)
    websocket-driver (0.7.1)
      websocket-extensions (>= 0.1.0)
    websocket-extensions (0.1.4)
    xpath (3.2.0)
      nokogiri (~> 1.8)
    zeitwerk (2.3.0)

PLATFORMS
  ruby
  x64-mingw32

DEPENDENCIES
  bootsnap (>= 1.4.2)
  byebug
  capybara (>= 2.15)
  figaro (~> 1.1, >= 1.1.1)
  geocoder
  jbuilder (~> 2.7)
  listen (>= 3.0.5, < 3.2)
  puma (~> 4.1)
  rails (~> 6.0.2, >= 6.0.2.2)
  sass-rails (>= 6)
  selenium-webdriver
  spree (~> 4.1)
  spree-duna-payment!
  spree_analytics_trackers (~> 1.1)
  spree_auth_devise (~> 4.1)
  spree_duna_base_theme!
  spree_duna_chili_sample!
  spree_gateway (~> 3.7)
  spree_multi_currency!
  spree_multi_vendor!
  spree_product_assembly!
  spree_related_products!
  spree_social!
  spree_static_content!
  spring
  spring-watcher-listen (~> 2.0.0)
  sqlite3 (~> 1.4)
  turbolinks (~> 5)
  tzinfo-data
  wdm (>= 0.1.0)
  web-console (>= 3.3.0)
  webdrivers
  webpacker (~> 4.0)

RUBY VERSION
   ruby 2.6.6p146

BUNDLED WITH
   2.1.4
